GEM
  remote: https://rubygems.org/
  specs:
    domain_name (0.5.24)
      unf (>= 0.0.5, < 1.0.0)
    ffi (1.13.1)
    ffi (1.13.1-x86-mingw32)
    http-cookie (1.0.2)
      domain_name (~> 0.5)
    mime-types (2.6.1)
    netrc (0.10.3)
    rake (10.4.2)
    rest-client (1.8.0)
      http-cookie (>= 1.0.2, < 2.0)
      mime-types (>= 1.16, < 3.0)
      netrc (~> 0.7)
    rest-client (1.8.0-x86-mingw32)
      ffi (~> 1.9)
      http-cookie (>= 1.0.2, < 2.0)
      mime-types (>= 1.16, < 3.0)
      netrc (~> 0.7)
    rubyzip (1.3.0)
    travis-build-tools (2.0.52.0)
      bundler (~> 1.10)
      rest-client (~> 1.8)
      rubyzip (~> 1.1)
    unf (0.1.4)
      unf_ext
    unf_ext (0.0.7.1)
    unf_ext (0.0.7.1-x86-mingw32)

PLATFORMS
  ruby
  x86-mingw32

DEPENDENCIES
  rake!
  rest-client!
  travis-build-tools!

BUNDLED WITH
   1.10.6
